GEM
  remote: https://rubygems.org/
  specs:
    nio4r (2.7.3)
    puma (6.4.2)
      nio4r (~> 2.0)
    rack (3.0.8)

PLATFORMS
  aarch64-linux 


DEPENDENCIES
  puma (~> 6.4)
  rack (~> 3.0)